GEM
  remote: https://rubygems.org/
  specs:
    addressable (2.3.8)
    daemons (1.2.3)
    diff-lcs (1.2.5)
    domain_name (0.5.24)
      unf (>= 0.0.5, < 1.0.0)
    eventmachine (1.0.7)
    excon (0.45.4)
    faraday (0.9.1)
      multipart-post (>= 1.2, < 3)
    foreman (0.78.0)
      thor (~> 0.19.1)
    haml (4.0.6)
      tilt
    heroku (3.40.9)
      heroku-api (>= 0.3.19)
      launchy (>= 0.3.2)
      multi_json (>= 1.10)
      net-ssh-gateway (>= 1.2.0)
      netrc (>= 0.10.0)
      rest-client (>= 1.6.0)
      rubyzip (>= 0.9.9)
    heroku-api (0.3.23)
      excon (~> 0.44)
      multi_json (~> 1.8)
    http-cookie (1.0.2)
      domain_name (~> 0.5)
    launchy (2.4.3)
      addressable (~> 2.3)
    mime-types (2.6.1)
    multi_json (1.11.2)
    multipart-post (2.0.0)
    net-ssh (2.9.2)
    net-ssh-gateway (1.2.0)
      net-ssh (>= 2.6.5)
    netrc (0.10.3)
    pg (0.18.2)
    polyglot (0.3.5)
    rack (1.6.4)
    rack-protection (1.5.3)
      rack
    rack-test (0.6.3)
      rack (>= 1.0)
    rest-client (1.8.0)
      http-cookie (>= 1.0.2, < 2.0)
      mime-types (>= 1.16, < 3.0)
      netrc (~> 0.7)
    rspec (3.3.0)
      rspec-core (~> 3.3.0)
      rspec-expectations (~> 3.3.0)
      rspec-mocks (~> 3.3.0)
    rspec-core (3.3.2)
      rspec-support (~> 3.3.0)
    rspec-expectations (3.3.1)
      diff-lcs (>= 1.2.0, < 2.0)
      rspec-support (~> 3.3.0)
    rspec-mocks (3.3.2)
      diff-lcs (>= 1.2.0, < 2.0)
      rspec-support (~> 3.3.0)
    rspec-support (3.3.0)
    rubyzip (1.1.7)
    sequel (4.25.0)
    sinatra (1.4.6)
      rack (~> 1.4)
      rack-protection (~> 1.4)
      tilt (>= 1.3, < 3)
    thin (1.6.3)
      daemons (~> 1.0, >= 1.0.9)
      eventmachine (~> 1.0)
      rack (~> 1.0)
    thor (0.19.1)
    tilt (2.0.1)
    treetop (1.6.3)
      polyglot (~> 0.3)
    unf (0.1.4)
      unf_ext
    unf_ext (0.0.7.1)

PLATFORMS
  ruby

DEPENDENCIES
  faraday (~> 0.9)
  foreman
  haml (~> 4.0)
  heroku
  pg (~> 0.18)
  rack-test
  rspec (~> 3.3)
  sequel (~> 4.25)
  sinatra (~> 1.4)
  thin
  treetop (~> 1.6)

BUNDLED WITH
   1.10.5
